PATH
  remote: .
  specs:
    embratel (0.0.2)

GEM
  remote: http://rubygems.org/
  specs:
    rake (0.8.7)

PLATFORMS
  ruby

DEPENDENCIES
  bundler (>= 1.0.0)
  embratel!
  rake (= 0.8.7)
